GEM
  remote: https://rubygems.org/
  specs:
    asciidoctor (2.0.17)

PLATFORMS
  x64-mingw-ucrt

DEPENDENCIES
  asciidoctor

BUNDLED WITH
   2.3.10
